GEM
  remote: https://rubygems.org/
  specs:
    curb (0.9.3)
    redis (3.3.0)
    zip (2.0.2)

PLATFORMS
  ruby

DEPENDENCIES
  curb
  redis
  zip

BUNDLED WITH
   1.10.5
